GEM
  remote: https://rubygems.org/
  specs:
    addressable (2.5.0)
      public_suffix (~> 2.0, >= 2.0.2)
    byebug (9.0.6)
    clamp (1.1.1)
    equatable (0.5.0)
    excon (0.49.0)
    hash_validator (0.7.0)
    kommando (0.0.22)
    kontena-cli (1.1.0)
      clamp (~> 1.1.0)
      excon (~> 0.49.0)
      hash_validator (~> 0.7.0)
      launchy (~> 2.4.3)
      liquid (~> 4.0.0)
      opto (~> 1.8.0)
      retriable (~> 2.1.0)
      ruby_dig (~> 0.0.2)
      safe_yaml (~> 1.0)
      semantic (~> 1.5)
      tty-prompt (~> 0.10)
    launchy (2.4.3)
      addressable (~> 2.3)
    liquid (4.0.0)
    necromancer (0.3.0)
    opto (1.8.0)
    pastel (0.7.1)
      equatable (~> 0.5.0)
      tty-color (~> 0.4.0)
    public_suffix (2.0.5)
    retriable (2.1.0)
    ruby_dig (0.0.2)
    safe_yaml (1.0.4)
    semantic (1.6.0)
    slop (4.4.1)
    tty-color (0.4.1)
    tty-cursor (0.3.0)
    tty-prompt (0.10.0)
      necromancer (~> 0.3.0)
      pastel (~> 0.7.0)
      tty-cursor (~> 0.3.0)
      wisper (~> 1.6.1)
    wisper (1.6.1)

PLATFORMS
  ruby

DEPENDENCIES
  byebug
  kommando
  kontena-cli
  slop

BUNDLED WITH
   1.14.0
